GEM
  remote: https://rubygems.org/
  specs:
    coderay (1.1.3)
    method_source (1.1.0)
    pry (0.14.2)
      coderay (~> 1.1)
      method_source (~> 1.0)

PLATFORMS
  ruby
  x86_64-linux

DEPENDENCIES
  pry (~> 0.14.2)

RUBY VERSION
   ruby 3.3.5p100

BUNDLED WITH
   2.5.16
